PATH
  remote: .
  specs:
    rbx (0.1.0)
      parser (~> 3.3)

GEM
  remote: https://rubygems.org/
  specs:
    ast (2.4.2)
    minitest (5.22.2)
    parser (3.3.0.5)
      ast (~> 2.4.1)
      racc
    racc (1.7.3)
    rake (13.1.0)

PLATFORMS
  arm64-darwin-23
  ruby

DEPENDENCIES
  minitest (~> 5.16)
  rake (~> 13.0)
  rbx!

BUNDLED WITH
   2.5.6
